GEM
  remote: https://rubygems.org/
  specs:
    addressable (2.8.0)
      public_suffix (>= 2.0.2, < 5.0)
    descendants_tracker (0.0.4)
      thread_safe (~> 0.3, >= 0.3.1)
    faraday (1.1.0)
      multipart-post (>= 1.2, < 3)
      ruby2_keywords
    github_api (0.19.0)
      addressable (~> 2.4)
      descendants_tracker (~> 0.0.4)
      faraday (>= 0.8, < 2)
      hashie (~> 3.5, >= 3.5.2)
      oauth2 (~> 1.0)
    hashie (3.6.0)
    json (2.3.1)
    jwt (2.2.2)
    multi_json (1.15.0)
    multi_xml (0.6.0)
    multipart-post (2.1.1)
    oauth2 (1.4.4)
      faraday (>= 0.8, < 2.0)
      jwt (>= 1.0, < 3.0)
      multi_json (~> 1.3)
      multi_xml (~> 0.5)
      rack (>= 1.2, < 3)
    octokit (4.20.0)
      faraday (>= 0.9)
      sawyer (~> 0.8.0, >= 0.5.3)
    public_suffix (4.0.6)
    rack (2.2.3)
    ruby2_keywords (0.0.2)
    sawyer (0.8.2)
      addressable (>= 2.3.5)
      faraday (> 0.8, < 2.0)
    thread_safe (0.3.6)
    tworingtools (4.6.0)
      github_api (~> 0.19)
      json (~> 2.1)

PLATFORMS
  ruby

DEPENDENCIES
  octokit
  tworingtools

BUNDLED WITH
   2.1.4
